GEM
  remote: https://rubygems.org/
  specs:
    drydock (0.6.9)
    puma (2.12.2)
    rack (1.6.4)
    rack-protection (1.5.3)
      rack
    sinatra (1.4.6)
      rack (~> 1.4)
      rack-protection (~> 1.4)
      tilt (>= 1.3, < 3)
    storable (0.8.9)
    sysinfo (0.8.1)
      drydock
      storable
    tilt (2.0.1)

PLATFORMS
  ruby

DEPENDENCIES
  puma
  sinatra
  sysinfo
