GEM
  remote: https://rubygems.org/
  specs:
    drydock (0.6.9)
    mustermann (1.0.2)
    puma (3.11.4)
    rack (2.0.5)
    rack-protection (2.0.1)
      rack
    sinatra (2.0.1)
      mustermann (~> 1.0)
      rack (~> 2.0)
      rack-protection (= 2.0.1)
      tilt (~> 2.0)
    storable (0.8.9)
    sysinfo (0.8.1)
      drydock
      storable
    tilt (2.0.8)

PLATFORMS
  ruby

DEPENDENCIES
  puma
  sinatra
  sysinfo

BUNDLED WITH
   1.16.1
